GIT
  remote: https://github.com/cloudfoundry/steno.git
  revision: 6f3bc4a01037fba7c3937f930d31b0507db9faa6
  specs:
    steno (1.2.2)
      fluent-logger
      grape
      yajl-ruby (~> 1.0)

GIT
  remote: https://github.com/cloudfoundry/vcap-common.git
  revision: cc1d06f746cba7215497fc05c32ad175c819b726
  specs:
    vcap_common (2.2.2)
      addressable (~> 2.2)
      em-http-request (~> 1.0)
      eventmachine
      httpclient
      membrane (~> 0.0.2)
      mime-types
      multipart-post
      nats (~> 0.4.24)
      posix-spawn (~> 0.3.6)
      squash_ruby
      steno
      thin
      uuidtools
      vmstat (~> 2.0)
      yajl-ruby

GIT
  remote: https://github.com/vchs/vcap-services-messages
  revision: 3a7ba3c897ffbbce313400caec6a7ea42511b76d
  branch: master
  specs:
    vcap_services_messages (0.1)
      json
      vcap_common (>= 2.2.1)

GEM
  remote: http://rubygems.org/
  specs:
    activesupport (4.0.0)
      i18n (~> 0.6, >= 0.6.4)
      minitest (~> 4.2)
      multi_json (~> 1.3)
      thread_safe (~> 0.1)
      tzinfo (~> 0.3.37)
    addressable (2.3.5)
    atomic (1.1.14)
    axiom-types (0.0.5)
      descendants_tracker (~> 0.0.1)
      ice_nine (~> 0.9)
    backports (3.3.5)
    builder (3.2.2)
    cf-message-bus (0.0.4)
      eventmachine (~> 1.0.0)
      nats (= 0.4.26)
      vcap-concurrency
      vcap-concurrency
      yajl-ruby
    coercible (0.2.0)
      backports (~> 3.0, >= 3.1.0)
      descendants_tracker (~> 0.0.1)
    cookiejar (0.3.0)
    daemons (1.1.9)
    descendants_tracker (0.0.3)
    diff-lcs (1.2.4)
    em-http-request (1.1.1)
      addressable (>= 2.3.4)
      cookiejar
      em-socksify (>= 0.3)
      eventmachine (>= 1.0.3)
      http_parser.rb (>= 0.6.0.beta.2)
    em-socksify (0.3.0)
      eventmachine (>= 1.0.0.beta.4)
    equalizer (0.0.7)
    eventmachine (1.0.3)
    fluent-logger (0.4.6)
      msgpack (>= 0.4.4, < 0.6.0, != 0.5.3, != 0.5.2, != 0.5.1, != 0.5.0)
      yajl-ruby (~> 1.0)
    grape (0.6.0)
      activesupport
      builder
      hashie (>= 1.2.0)
      multi_json (>= 1.3.2)
      multi_xml (>= 0.5.2)
      rack (>= 1.3.0)
      rack-accept
      rack-mount
      virtus
    hashie (2.0.5)
    http_parser.rb (0.6.0.beta.2)
    httpclient (2.3.4.1)
    i18n (0.6.5)
    ice_nine (0.10.0)
    json (1.8.0)
    json_pure (1.8.0)
    membrane (0.0.2)
    mime-types (1.25)
    minitest (4.7.5)
    msgpack (0.5.6)
    multi_json (1.8.2)
    multi_xml (0.5.5)
    multipart-post (1.2.0)
    nats (0.4.26)
      daemons (>= 1.1.5)
      eventmachine (>= 0.12.10)
      json_pure (>= 1.7.3)
      thin (>= 1.4.1)
    posix-spawn (0.3.6)
    rack (1.5.2)
    rack-accept (0.4.5)
      rack (>= 0.4)
    rack-mount (0.8.3)
      rack (>= 1.0.0)
    rake (10.1.0)
    rspec (2.14.1)
      rspec-core (~> 2.14.0)
      rspec-expectations (~> 2.14.0)
      rspec-mocks (~> 2.14.0)
    rspec-core (2.14.6)
    rspec-expectations (2.14.3)
      diff-lcs (>= 1.1.3, < 2.0)
    rspec-mocks (2.14.4)
    squash_ruby (1.2.2)
      json
    thin (1.6.0)
      daemons (>= 1.0.9)
      eventmachine (>= 1.0.0)
      rack (>= 1.5.0)
    thread_safe (0.1.3)
      atomic
    tzinfo (0.3.38)
    uuidtools (2.1.4)
    vcap-concurrency (0.1.0)
    virtus (1.0.0)
      axiom-types (~> 0.0.5)
      coercible (~> 0.2)
      descendants_tracker (~> 0.0.1)
      equalizer (~> 0.0.7)
    vmstat (2.0.0)
    yajl-ruby (1.1.0)

PLATFORMS
  ruby

DEPENDENCIES
  cf-message-bus
  eventmachine (~> 1.0.0)
  rake
  rspec
  steno (~> 1.2.0)!
  vcap_common!
  vcap_services_messages!
  yajl-ruby
