GIT
  remote: https://github.com/cloudfoundry/steno.git
  revision: 3117002a92258fe4294bc34aaa8fd5005cf58e72
  specs:
    steno (1.2.4)
      fluent-logger
      yajl-ruby (~> 1.0)

GIT
  remote: https://github.com/cloudfoundry/vcap-common.git
  revision: 4ad156de3fcb51742f8539fd3da570da3862941e
  specs:
    vcap_common (3.0.0)
      addressable (~> 2.2)
      em-http-request (~> 1.0)
      eventmachine
      httpclient
      membrane (~> 0.0.2)
      mime-types
      multipart-post
      nats (>= 0.5.0.beta.12, < 0.6)
      posix-spawn (~> 0.3.6)
      squash_ruby
      steno
      thin
      uuidtools
      vmstat (~> 2.0)
      yajl-ruby

GIT
  remote: https://github.com/vchs/vcap-services-messages
  revision: ef4a4e1f529e6922b40de854a4acc958636e6e0f
  ref: ef4a4e1f52
  specs:
    vcap_services_messages (0.1)
      json
      vcap_common (>= 2.2.1)

GEM
  remote: http://rubygems.org/
  specs:
    addressable (2.3.5)
    cf-message-bus (0.2.0)
      eventmachine (~> 1.0.0)
      nats (>= 0.5.0.beta.12, < 0.6)
      vcap-concurrency
      yajl-ruby
    cookiejar (0.3.1)
    daemons (1.1.9)
    diff-lcs (1.2.5)
    em-http-request (1.1.2)
      addressable (>= 2.3.4)
      cookiejar
      em-socksify (>= 0.3)
      eventmachine (>= 1.0.3)
      http_parser.rb (>= 0.6.0)
    em-socksify (0.3.0)
      eventmachine (>= 1.0.0.beta.4)
    eventmachine (1.0.3)
    fluent-logger (0.4.7)
      msgpack (>= 0.4.4, < 0.6.0, != 0.5.3, != 0.5.2, != 0.5.1, != 0.5.0)
      yajl-ruby (~> 1.0)
    http_parser.rb (0.6.0)
    httpclient (2.3.4.1)
    json (1.8.1)
    json_pure (1.8.1)
    membrane (0.0.2)
    mime-types (2.1)
    msgpack (0.5.8)
    multipart-post (2.0.0)
    nats (0.5.0.beta.12)
      daemons (>= 1.1.9)
      eventmachine (>= 1.0.3)
      json_pure (>= 1.8.0)
      thin (>= 1.5.0)
    posix-spawn (0.3.8)
    rack (1.5.2)
    rake (10.1.1)
    rspec (2.14.1)
      rspec-core (~> 2.14.0)
      rspec-expectations (~> 2.14.0)
      rspec-mocks (~> 2.14.0)
    rspec-core (2.14.7)
    rspec-expectations (2.14.5)
      diff-lcs (>= 1.1.3, < 2.0)
    rspec-mocks (2.14.5)
    squash_ruby (1.4.0)
      json
    thin (1.6.1)
      daemons (>= 1.0.9)
      eventmachine (>= 1.0.0)
      rack (>= 1.0.0)
    uuidtools (2.1.4)
    vcap-concurrency (0.1.0)
    vmstat (2.1.0)
    yajl-ruby (1.2.0)

PLATFORMS
  ruby

DEPENDENCIES
  cf-message-bus
  eventmachine (~> 1.0.0)
  rake
  rspec
  steno (~> 1.2.0)!
  vcap_common!
  vcap_services_messages!
